STORAGE: NONE
RESTRICTION: || (== net472) (== net48) (== net6.0) (== net8.0) (== netstandard2.0)
NUGET
  remote: https://api.nuget.org/v3/index.json
    Aardvark.Build (1.0.22)
    AUnit (1.0.9)
    AUnit.Runtime (1.0.9)
      AUnit (>= 1.0.9)
    Azure.Core (1.38)
      Microsoft.Bcl.AsyncInterfaces (>= 1.1.1)
      System.ClientModel (>= 1.0)
      System.Diagnostics.DiagnosticSource (>= 6.0.1)
      System.Memory.Data (>= 1.0.2)
      System.Numerics.Vectors (>= 4.5)
      System.Text.Encodings.Web (>= 4.7.2)
      System.Text.Json (>= 4.7.2)
      System.Threading.Tasks.Extensions (>= 4.5.4)
    Azure.Storage.Blobs (12.19.1)
      Azure.Storage.Common (>= 12.18.1)
      System.Text.Json (>= 4.7.2)
    Azure.Storage.Common (12.18.1)
      Azure.Core (>= 1.36)
      System.IO.Hashing (>= 6.0)
    Microsoft.Bcl.AsyncInterfaces (8.0)
      System.Threading.Tasks.Extensions (>= 4.5.4) - restriction: || (== net472) (== net48) (&& (== net6.0) (>= net462)) (&& (== net6.0) (< netstandard2.1)) (&& (== net8.0) (>= net462)) (&& (== net8.0) (< netstandard2.1)) (== netstandard2.0)
    System.Buffers (4.5.1) - restriction: || (== net472) (== net48) (&& (== net6.0) (>= net462)) (&& (== net8.0) (>= net462)) (&& (== net8.0) (< net6.0)) (== netstandard2.0)
    System.ClientModel (1.0)
      System.Memory.Data (>= 1.0.2)
      System.Text.Json (>= 4.7.2)
    System.Diagnostics.DiagnosticSource (8.0)
      System.Memory (>= 4.5.5) - restriction: || (== net472) (== net48) (&& (== net6.0) (>= net462)) (&& (== net8.0) (>= net462)) (&& (== net8.0) (< net6.0)) (== netstandard2.0)
      System.Runtime.CompilerServices.Unsafe (>= 6.0) - restriction: || (== net472) (== net48) (== net6.0) (&& (== net8.0) (>= net462)) (&& (== net8.0) (< net6.0)) (&& (== net8.0) (< net7.0)) (== netstandard2.0)
    System.IO.Hashing (8.0)
      System.Buffers (>= 4.5.1) - restriction: || (== net472) (== net48) (&& (== net6.0) (>= net462)) (&& (== net8.0) (>= net462)) (&& (== net8.0) (< net6.0)) (== netstandard2.0)
      System.Memory (>= 4.5.5) - restriction: || (== net472) (== net48) (&& (== net6.0) (>= net462)) (&& (== net8.0) (>= net462)) (&& (== net8.0) (< net6.0)) (== netstandard2.0)
    System.Memory (4.5.5) - restriction: || (== net472) (== net48) (&& (== net6.0) (>= net462)) (&& (== net8.0) (>= net462)) (&& (== net8.0) (< net6.0)) (== netstandard2.0)
      System.Buffers (>= 4.5.1) - restriction: || (== net472) (== net48) (&& (== net6.0) (>= monotouch)) (&& (== net6.0) (>= net461)) (&& (== net6.0) (< netcoreapp2.0)) (&& (== net6.0) (< netstandard1.1)) (&& (== net6.0) (< netstandard2.0)) (&& (== net6.0) (>= xamarinios)) (&& (== net6.0) (>= xamarinmac)) (&& (== net6.0) (>= xamarintvos)) (&& (== net6.0) (>= xamarinwatchos)) (&& (== net8.0) (>= monotouch)) (&& (== net8.0) (>= net461)) (&& (== net8.0) (< netcoreapp2.0)) (&& (== net8.0) (< netstandard1.1)) (&& (== net8.0) (< netstandard2.0)) (&& (== net8.0) (>= xamarinios)) (&& (== net8.0) (>= xamarinmac)) (&& (== net8.0) (>= xamarintvos)) (&& (== net8.0) (>= xamarinwatchos)) (== netstandard2.0)
      System.Numerics.Vectors (>= 4.4) - restriction: || (&& (== net472) (== net6.0)) (&& (== net472) (== net8.0)) (&& (== net472) (< net45)) (&& (== net48) (== net6.0)) (&& (== net48) (== net8.0)) (&& (== net48) (< net45)) (&& (== net6.0) (< netcoreapp2.0)) (&& (== net8.0) (< netcoreapp2.0)) (== netstandard2.0)
      System.Numerics.Vectors (>= 4.5) - restriction: || (== net472) (== net48) (&& (== net6.0) (>= net461)) (&& (== net8.0) (>= net461)) (&& (== netstandard2.0) (>= net461))
      System.Runtime.CompilerServices.Unsafe (>= 4.5.3) - restriction: || (== net472) (== net48) (&& (== net6.0) (>= monotouch)) (&& (== net6.0) (>= net461)) (&& (== net6.0) (< netcoreapp2.0)) (&& (== net6.0) (< netcoreapp2.1)) (&& (== net6.0) (< netstandard1.1)) (&& (== net6.0) (< netstandard2.0)) (&& (== net6.0) (>= uap10.1)) (&& (== net6.0) (>= xamarinios)) (&& (== net6.0) (>= xamarinmac)) (&& (== net6.0) (>= xamarintvos)) (&& (== net6.0) (>= xamarinwatchos)) (&& (== net8.0) (>= monotouch)) (&& (== net8.0) (>= net461)) (&& (== net8.0) (< netcoreapp2.0)) (&& (== net8.0) (< netcoreapp2.1)) (&& (== net8.0) (< netstandard1.1)) (&& (== net8.0) (< netstandard2.0)) (&& (== net8.0) (>= uap10.1)) (&& (== net8.0) (>= xamarinios)) (&& (== net8.0) (>= xamarinmac)) (&& (== net8.0) (>= xamarintvos)) (&& (== net8.0) (>= xamarinwatchos)) (== netstandard2.0)
    System.Memory.Data (8.0)
      System.Memory (>= 4.5.5) - restriction: || (== net472) (== net48) (&& (== net6.0) (>= net462)) (&& (== net8.0) (>= net462)) (&& (== net8.0) (< net6.0)) (== netstandard2.0)
      System.Text.Json (>= 8.0)
    System.Numerics.Vectors (4.5)
    System.Runtime.CompilerServices.Unsafe (6.0) - restriction: || (== net472) (== net48) (== net6.0) (&& (== net8.0) (>= monotouch)) (&& (== net8.0) (>= net461)) (&& (== net8.0) (>= net462)) (&& (== net8.0) (< net6.0)) (&& (== net8.0) (< net7.0)) (&& (== net8.0) (< netcoreapp2.0)) (&& (== net8.0) (< netcoreapp2.1)) (&& (== net8.0) (< netstandard1.1)) (&& (== net8.0) (< netstandard2.0)) (&& (== net8.0) (>= uap10.1)) (== netstandard2.0)
    System.Text.Encodings.Web (8.0)
      System.Buffers (>= 4.5.1) - restriction: || (== net472) (== net48) (&& (== net6.0) (>= net462)) (&& (== net8.0) (>= net462)) (&& (== net8.0) (< net6.0)) (== netstandard2.0)
      System.Memory (>= 4.5.5) - restriction: || (== net472) (== net48) (&& (== net6.0) (>= net462)) (&& (== net8.0) (>= net462)) (&& (== net8.0) (< net6.0)) (== netstandard2.0)
      System.Runtime.CompilerServices.Unsafe (>= 6.0) - restriction: || (== net472) (== net48) (== net6.0) (&& (== net8.0) (>= net462)) (&& (== net8.0) (< net6.0)) (&& (== net8.0) (< net7.0)) (== netstandard2.0)
    System.Text.Json (8.0.3)
      Microsoft.Bcl.AsyncInterfaces (>= 8.0) - restriction: || (== net472) (== net48) (&& (== net6.0) (>= net462)) (&& (== net8.0) (>= net462)) (&& (== net8.0) (< net6.0)) (== netstandard2.0)
      System.Buffers (>= 4.5.1) - restriction: || (== net472) (== net48) (&& (== net6.0) (>= net462)) (&& (== net8.0) (>= net462)) (&& (== net8.0) (< net6.0)) (== netstandard2.0)
      System.Memory (>= 4.5.5) - restriction: || (== net472) (== net48) (&& (== net6.0) (>= net462)) (&& (== net8.0) (>= net462)) (&& (== net8.0) (< net6.0)) (== netstandard2.0)
      System.Runtime.CompilerServices.Unsafe (>= 6.0) - restriction: || (== net472) (== net48) (== net6.0) (&& (== net8.0) (>= net462)) (&& (== net8.0) (< net6.0)) (&& (== net8.0) (< net7.0)) (== netstandard2.0)
      System.Text.Encodings.Web (>= 8.0)
      System.Threading.Tasks.Extensions (>= 4.5.4) - restriction: || (== net472) (== net48) (&& (== net6.0) (>= net462)) (&& (== net8.0) (>= net462)) (&& (== net8.0) (< net6.0)) (== netstandard2.0)
      System.ValueTuple (>= 4.5) - restriction: || (== net472) (== net48) (&& (== net6.0) (>= net462)) (&& (== net8.0) (>= net462)) (&& (== netstandard2.0) (>= net462))
    System.Threading.Tasks.Extensions (4.5.4)
      System.Runtime.CompilerServices.Unsafe (>= 4.5.3) - restriction: || (== net472) (== net48) (&& (== net6.0) (>= net461)) (&& (== net6.0) (< netcoreapp2.1)) (&& (== net6.0) (< netstandard1.0)) (&& (== net6.0) (< netstandard2.0)) (&& (== net6.0) (>= wp8)) (&& (== net8.0) (>= net461)) (&& (== net8.0) (< netcoreapp2.1)) (&& (== net8.0) (< netstandard1.0)) (&& (== net8.0) (< netstandard2.0)) (&& (== net8.0) (>= wp8)) (== netstandard2.0)
    System.ValueTuple (4.5) - restriction: || (== net472) (== net48) (&& (== net6.0) (>= net462)) (&& (== net8.0) (>= net462)) (&& (== netstandard2.0) (>= net462))
